GIT
  remote: https://github.com/everypolitician/scraped.git
  revision: ecb23adeca95fba5356509d6445d528e212b3905
  branch: scraper-class
  specs:
    scraped (0.6.2)
      field_serializer (>= 0.3.0)
      nokogiri
      require_all

GEM
  remote: https://rubygems.org/
  specs:
    ast (2.4.2)
    coderay (1.1.3)
    daff (1.3.27)
    field_serializer (0.3.0)
    kwalify (0.7.2)
    method_source (1.0.0)
    nokogiri (1.13.9-x86_64-darwin)
      racc (~> 1.4)
    nokogiri (1.13.9-x86_64-linux)
      racc (~> 1.4)
    open-uri-cached (1.0.0)
    parallel (1.22.1)
    parser (3.1.2.0)
      ast (~> 2.4.1)
    pry (0.14.1)
      coderay (~> 1.1)
      method_source (~> 1.0)
    racc (1.6.0)
    rainbow (3.1.1)
    rake (13.0.6)
    reek (6.1.1)
      kwalify (~> 0.7.0)
      parser (~> 3.1.0)
      rainbow (>= 2.0, < 4.0)
    regexp_parser (2.5.0)
    require_all (3.0.0)
    rexml (3.2.5)
    rubocop (0.93.1)
      parallel (~> 1.10)
      parser (>= 2.7.1.5)
      rainbow (>= 2.2.2, < 4.0)
      regexp_parser (>= 1.8)
      rexml
      rubocop-ast (>= 0.6.0)
      ruby-progressbar (~> 1.7)
      unicode-display_width (>= 1.4.0, < 2.0)
    rubocop-ast (1.18.0)
      parser (>= 3.1.1.0)
    ruby-progressbar (1.11.0)
    unicode-display_width (1.8.0)

PLATFORMS
  x86_64-darwin-17
  x86_64-linux

DEPENDENCIES
  daff
  open-uri-cached
  pry
  rake
  reek (~> 6.0)
  rubocop (~> 0.89)
  scraped!

RUBY VERSION
   ruby 2.6.6p146

BUNDLED WITH
   2.2.24
